GEM
  remote: https://rubygems.org/
  specs:
    adsf (1.1.1)
      rack (>= 1.0.0)
    bootstrap-sass (2.3.2.1)
      sass (~> 3.2)
    chunky_png (1.2.8)
    coderay (1.0.9)
    coffee-script (2.2.0)
      coffee-script-source
      execjs
    coffee-script-source (1.6.3)
    colored (1.2)
    commonjs (0.2.6)
    compass (0.12.2)
      chunky_png (~> 1.2)
      fssm (>= 0.2.7)
      sass (~> 3.1)
    cri (2.3.0)
      colored (>= 1.2)
    em-websocket (0.5.0)
      eventmachine (>= 0.12.9)
      http_parser.rb (~> 0.5.3)
    eventmachine (1.0.3)
    execjs (2.0.0)
    ffi (1.9.0)
    formatador (0.2.4)
    fssm (0.2.10)
    gglib (1.3.0)
      gosu (>= 0.7.12)
    github-markdown (0.5.3)
    glib2 (2.0.2)
      pkg-config
    gosu (0.7.48)
    guard (1.8.2)
      formatador (>= 0.2.4)
      listen (>= 1.0.0)
      lumberjack (>= 1.0.2)
      pry (>= 0.9.10)
      thor (>= 0.14.6)
    guard-livereload (1.4.0)
      em-websocket (>= 0.5.0)
      guard (>= 1.8.0)
      multi_json (~> 1.7)
    haml (4.0.3)
      tilt
    http_parser.rb (0.5.3)
    jsmin (1.0.1)
    json (1.8.0)
    kramdown (1.1.0)
    less (2.3.2)
      commonjs (~> 0.2.6)
    libv8 (3.16.14.3)
    listen (1.3.0)
      rb-fsevent (>= 0.9.3)
      rb-inotify (>= 0.9)
      rb-kqueue (>= 0.2)
    logutils (0.6.0)
    lumberjack (1.0.4)
    markdown (1.1.1)
      kramdown (>= 1.0.2)
      props (>= 1.0.0)
      textutils (>= 0.6.4)
    method_source (0.8.2)
    mime-types (1.24)
    mini_portile (0.5.1)
    multi_json (1.7.9)
    nanoc (3.6.4)
      cri (~> 2.3)
    nanoc-toolbox (0.1.3)
      jsmin (~> 1.0)
      nanoc (~> 3.6)
      nokogiri (~> 1.6)
    nokogiri (1.6.0)
      mini_portile (~> 0.5.0)
    pkg-config (1.1.4)
    posix-spawn (0.3.6)
    props (1.0.0)
    pry (0.9.12.2)
      coderay (~> 1.0.5)
      method_source (~> 0.8)
      slop (~> 3.4)
    pygments.rb (0.5.2)
      posix-spawn (~> 0.3.6)
      yajl-ruby (~> 1.1.0)
    rack (1.5.2)
    rainpress (1.0)
    rake (10.1.0)
    rb-fsevent (0.9.3)
    rb-inotify (0.9.1)
      ffi (>= 0.5.0)
    rb-kqueue (0.2.0)
      ffi (>= 0.5.0)
    ref (1.0.5)
    rpeg-markdown (1.4.6)
    rpeg-multimarkdown (0.1.1)
    sass (3.2.10)
    slop (3.4.6)
    stringex (2.0.8)
    systemu (2.5.2)
    textutils (0.6.7)
      logutils (~> 0.5)
    therubyracer (0.12.0)
      libv8 (~> 3.16.14.0)
      ref
    thor (0.18.1)
    tilt (1.4.1)
    w3c_validators (1.2)
      json
      nokogiri
    yajl-ruby (1.1.0)

PLATFORMS
  ruby

DEPENDENCIES
  adsf
  bootstrap-sass
  coderay
  coffee-script
  compass
  fssm
  gglib (~> 1.3.0)
  github-markdown (~> 0.5.3)
  glib2 (~> 2.0.2)
  guard
  guard-livereload
  haml
  kramdown
  less
  markdown (~> 1.1.1)
  mime-types
  nanoc
  nanoc-toolbox
  nokogiri
  pygments.rb
  rack
  rainpress
  rake
  rpeg-markdown (~> 1.4.6)
  rpeg-multimarkdown (~> 0.1.1)
  sass
  stringex
  systemu
  therubyracer
  w3c_validators
